GEM
  remote: https://rubygems.org/
  specs:
    calendarium-romanum (0.9.0)
      i18n (>= 0.7)
      roman-numerals (~> 0.3)
      thor (>= 0.15)
    concurrent-ruby (1.2.2)
    i18n (1.12.0)
      concurrent-ruby (~> 1.0)
    mini_portile2 (2.6.1)
    nokogiri (1.12.5)
      mini_portile2 (~> 2.6.1)
      racc (~> 1.4)
    racc (1.6.0)
    rake (13.0.6)
    roman-numerals (0.3.0)
    thor (1.2.1)

PLATFORMS
  ruby

DEPENDENCIES
  calendarium-romanum
  nokogiri
  rake

BUNDLED WITH
   2.2.3
